GEM
  remote: https://rubygems.org/
  specs:
    addressable (2.3.2)
    cookiejar (0.3.0)
    dbd-mysql (0.4.4)
      dbi (>= 0.4.0)
      mysql
    dbd-odbc (0.2.5)
      dbi (>= 0.4.0)
    dbd-sqlite3 (1.2.5)
      dbi (>= 0.4.0)
      sqlite3-ruby
    dbi (0.4.5)
      deprecated (= 2.0.1)
    deprecated (2.0.1)
    em-http-request (1.0.3)
      addressable (>= 2.2.3)
      cookiejar
      em-socksify
      eventmachine (>= 1.0.0.beta.4)
      http_parser.rb (>= 0.5.3)
    em-resolv-replace (1.1.3)
    em-socksify (0.2.1)
      eventmachine (>= 1.0.0.beta.4)
    em-synchrony (1.0.2)
      eventmachine (>= 1.0.0.beta.1)
    eventmachine (1.0.0-x86-mingw32)
    gem_plugin (0.2.3)
    http_parser.rb (0.5.3-x86-mingw32)
    json (1.7.6)
    mongrel (1.2.0.pre2-x86-mingw32)
      gem_plugin (~> 0.2.3)
    mysql (2.9.0-x86-mingw32)
    nokogiri (1.5.6-x86-mingw32)
    rack (1.4.4)
    rack-fiber_pool (0.9.2)
    rack-protection (1.3.2)
      rack
    ruby-odbc (0.99994)
    sinatra (1.3.3)
      rack (~> 1.3, >= 1.3.6)
      rack-protection (~> 1.2)
      tilt (~> 1.3, >= 1.3.3)
    sinatra-synchrony (0.4.1)
      em-http-request (~> 1.0)
      em-resolv-replace (~> 1.1)
      em-synchrony (~> 1.0.1)
      eventmachine (~> 1.0.0)
      rack-fiber_pool (~> 0.9)
      sinatra (~> 1.0)
    sqlite3 (1.3.7-x86-mingw32)
    sqlite3-ruby (1.3.3)
      sqlite3 (>= 1.3.3)
    tilt (1.3.3)
    win32-api (1.4.8-x86-mingw32)
    win32-service (0.7.2)
      windows-pr (>= 1.0.8)
    win32-service (0.7.2-x86-mingw32)
      windows-pr (>= 1.0.8)
    windows-api (0.4.2)
      win32-api (>= 1.4.5)
    windows-pr (1.2.2)
      win32-api (>= 1.4.5)
      windows-api (>= 0.3.0)

PLATFORMS
  x86-mingw32

DEPENDENCIES
  dbd-mysql
  dbd-odbc
  dbd-sqlite3
  dbi
  json
  mongrel (= 1.2.0.pre2)
  nokogiri
  ruby-odbc
  sinatra
  sinatra-synchrony
  win32-service
